GEM
  remote: https://rubygems.org/
  specs:
    awesome_print (1.7.0)
    byebug (9.0.6)
    concurrent-ruby (1.0.2)
    httparty (0.14.0)
      multi_xml (>= 0.5.2)
    minitest (5.9.1)
    multi_xml (0.5.5)
    pg (0.19.0)
    puma (3.6.0)
    rack (1.6.4)
    rack-protection (1.5.3)
      rack
    rails_12factor (0.0.3)
      rails_serve_static_assets
      rails_stdout_logging
    rails_serve_static_assets (0.0.5)
    rails_stdout_logging (0.0.5)
    sinatra (1.4.7)
      rack (~> 1.5)
      rack-protection (~> 1.4)
      tilt (>= 1.3, < 3)
    stoplight (2.1.0)
      concurrent-ruby (~> 1.0)
    tilt (2.0.5)

PLATFORMS
  ruby

DEPENDENCIES
  awesome_print
  byebug (~> 9.0.6)
  httparty (~> 0.14.0)
  minitest (~> 5.9)
  pg (~> 0.19.0)
  puma (~> 3.6.0)
  rails_12factor
  sinatra (~> 1.4.7)
  stoplight (~> 2.1.0)

RUBY VERSION
   ruby 2.3.1p112

BUNDLED WITH
   1.12.5
