GEM
  remote: https://rubygems.org/
  specs:
    awesome_print (1.7.0)
    httparty (0.14.0)
      multi_xml (>= 0.5.2)
    minitest (5.9.1)
    multi_xml (0.5.5)
    pg (0.19.0)
    puma (3.6.0)
    rack (1.6.4)
    rack-protection (1.5.3)
      rack
    sinatra (1.4.7)
      rack (~> 1.5)
      rack-protection (~> 1.4)
      tilt (>= 1.3, < 3)
    tilt (2.0.5)

PLATFORMS
  ruby

DEPENDENCIES
  awesome_print
  httparty (~> 0.14.0)
  minitest (~> 5.9)
  pg (~> 0.19.0)
  puma (~> 3.6.0)
  sinatra (~> 1.4.7)

BUNDLED WITH
   1.12.5
