GEM
  remote: https://rubygems.org/
  specs:
    awesome_print (1.7.0)
    backports (3.6.8)
    byebug (9.0.6)
    faraday (0.9.2)
      multipart-post (>= 1.2, < 3)
    minitest (5.10.1)
    multi_json (1.12.1)
    multipart-post (2.0.0)
    puma (3.6.2)
    rack (1.6.5)
    rack-protection (1.5.3)
      rack
    rack-test (0.6.3)
      rack (>= 1.0)
    redis (3.3.2)
    redis-namespace (1.5.2)
      redis (~> 3.0, >= 3.0.4)
    sinatra (1.4.7)
      rack (~> 1.5)
      rack-protection (~> 1.4)
      tilt (>= 1.3, < 3)
    sinatra-contrib (1.4.7)
      backports (>= 2.0)
      multi_json
      rack-protection
      rack-test
      sinatra (~> 1.4.0)
      tilt (>= 1.3, < 3)
    sinatra-cross_origin (0.4.0)
    tilt (2.0.5)

PLATFORMS
  ruby

DEPENDENCIES
  awesome_print
  byebug (~> 9.0.6)
  faraday (~> 0.9.2)
  minitest (~> 5.9)
  puma (~> 3.6.0)
  redis (~> 3.3.1)
  redis-namespace (~> 1.5.2)
  sinatra (~> 1.4.7)
  sinatra-contrib (~> 1.4.7)
  sinatra-cross_origin (~> 0.4.0)

RUBY VERSION
   ruby 2.3.3p222

BUNDLED WITH
   1.13.7
